GIT
  remote: https://github.com/elia/haml2erb.git
  revision: 5eaaacf3134891f924da539dab31086167f0733f
  specs:
    haml2erb (0.3.0.pre.3)
      haml (~> 3.1.3)

GEM
  remote: http://rubygems.org/
  specs:
    addressable (2.3.5)
    backports (2.8.2)
    blankslate (2.1.2.4)
    coffee-script (2.2.0)
      coffee-script-source
      execjs
    coffee-script-source (1.6.2)
    css_parser (1.3.5)
      addressable
    daemons (1.1.9)
    diff-lcs (1.1.3)
    em-websocket (0.4.0)
      eventmachine (>= 0.12.9)
      http_parser.rb (~> 0.5.3)
    eventmachine (1.0.0)
    execjs (1.4.0)
      multi_json (~> 1.0)
    gli (1.6.0)
    guard (0.8.8)
      thor (~> 0.14.6)
    guard-bundler (0.1.3)
      bundler (>= 1.0.0)
      guard (>= 0.2.2)
    guard-jasmine-headless-webkit (0.3.2)
      guard (>= 0.4.0)
      jasmine-headless-webkit (>= 0.7.0)
    guard-livereload (0.3.1)
      em-websocket (>= 0.2.0)
      guard (>= 0.4.0)
      multi_json (~> 1.0.3)
    guard-rspec (0.5.11)
      guard (>= 0.8.4)
    guard-sass (0.6.0)
      guard (>= 0.4.0)
      sass (>= 3.1)
    guard-shell (0.4.0)
      guard (>= 0.2.0)
    haml (3.1.8)
    hike (1.2.2)
    http_parser.rb (0.5.3)
    jasmine-core (1.3.1)
    jasmine-headless-webkit (0.8.4)
      coffee-script
      jasmine-core (~> 1.1)
      multi_json
      rainbow
      sprockets (~> 2)
    json (1.8.0)
    multi_json (1.0.4)
    nokogiri (1.5.6)
    parade (0.10.2)
      blankslate (= 2.1.2.4)
      css_parser
      gli (~> 1.6.0)
      json
      nokogiri
      parslet (= 1.4.0)
      redcarpet
      rouge (= 0.2.14)
      sinatra (~> 1.3)
    parslet (1.4.0)
      blankslate (~> 2.0)
    rack (1.5.2)
    rack-livereload (0.3.11)
      rack
    rack-protection (1.3.2)
      rack
    rack-test (0.6.2)
      rack (>= 1.0)
    rainbow (1.1.4)
    rb-fsevent (0.9.3)
    redcarpet (3.0.0)
    rouge (0.2.14)
      thor
    rspec (2.12.0)
      rspec-core (~> 2.12.0)
      rspec-expectations (~> 2.12.0)
      rspec-mocks (~> 2.12.0)
    rspec-core (2.12.2)
    rspec-expectations (2.12.1)
      diff-lcs (~> 1.1.3)
    rspec-mocks (2.12.2)
    sass (3.2.10)
    sinatra (1.3.4)
      rack (~> 1.4)
      rack-protection (~> 1.3)
      tilt (~> 1.3, >= 1.3.3)
    sinatra-contrib (1.3.2)
      backports (>= 2.0)
      eventmachine
      rack-protection
      rack-test
      sinatra (~> 1.3.0)
      tilt (~> 1.3)
    sprockets (2.9.3)
      hike (~> 1.2)
      multi_json (~> 1.0)
      rack (~> 1.0)
      tilt (~> 1.1, != 1.3.0)
    thin (1.5.0)
      daemons (>= 1.0.9)
      eventmachine (>= 0.12.6)
      rack (>= 1.0.0)
    thor (0.14.6)
    tilt (1.3.3)

PLATFORMS
  ruby

DEPENDENCIES
  guard (~> 0.8.4)
  guard-bundler (~> 0.1.3)
  guard-jasmine-headless-webkit
  guard-livereload
  guard-rspec (~> 0.5.2)
  guard-sass
  guard-shell
  haml2erb!
  jasmine-headless-webkit
  nokogiri
  parade
  rack-livereload
  rb-fsevent (>= 0.4.3.1)
  rspec
  sass
  sinatra
  sinatra-contrib
  thin
