GEM
  remote: http://rubygems.org/
  specs:
    addressable (2.3.2)
    backports (2.6.4)
    daemons (1.1.9)
    em-websocket (0.3.8)
      addressable (>= 2.1.1)
      eventmachine (>= 0.12.9)
    eventmachine (1.0.0)
    guard (0.8.8)
      thor (~> 0.14.6)
    guard-bundler (0.1.3)
      bundler (>= 1.0.0)
      guard (>= 0.2.2)
    guard-livereload (0.3.1)
      em-websocket (>= 0.2.0)
      guard (>= 0.4.0)
      multi_json (~> 1.0.3)
    guard-shell (0.4.0)
      guard (>= 0.2.0)
    multi_json (1.0.4)
    rack (1.4.1)
    rack-livereload (0.3.8)
      rack
    rack-protection (1.2.0)
      rack
    rack-test (0.6.2)
      rack (>= 1.0)
    rb-fsevent (0.4.3.1)
    sinatra (1.3.3)
      rack (~> 1.3, >= 1.3.6)
      rack-protection (~> 1.2)
      tilt (~> 1.3, >= 1.3.3)
    sinatra-contrib (1.3.1)
      backports (>= 2.0)
      eventmachine
      rack-protection
      rack-test
      sinatra (~> 1.3.0)
      tilt (~> 1.3)
    thin (1.5.0)
      daemons (>= 1.0.9)
      eventmachine (>= 0.12.6)
      rack (>= 1.0.0)
    thor (0.14.6)
    tilt (1.3.3)

PLATFORMS
  ruby

DEPENDENCIES
  guard (~> 0.8.4)
  guard-bundler (~> 0.1.3)
  guard-livereload
  guard-shell
  rack-livereload
  rb-fsevent (~> 0.4.3.1)
  sinatra
  sinatra-contrib
  thin
